GEM
  remote: http://rubygems.org/
  specs:
    actionmailer (2.3.11)
      actionpack (= 2.3.11)
    actionpack (2.3.11)
      activesupport (= 2.3.11)
      rack (~> 1.1.0)
    activerecord (2.3.11)
      activesupport (= 2.3.11)
    activeresource (2.3.11)
      activesupport (= 2.3.11)
    activesupport (2.3.11)
    addressable (2.2.6)
    nokogiri (1.4.4)
    rack (1.1.2)
    rails (2.3.11)
      actionmailer (= 2.3.11)
      actionpack (= 2.3.11)
      activerecord (= 2.3.11)
      activeresource (= 2.3.11)
      activesupport (= 2.3.11)
      rake (>= 0.8.3)
    rake (0.9.0)
    recurly (0.4.7)
      activeresource (>= 2.3)
      activesupport (>= 2.3)
      addressable (>= 2.2)
      nokogiri (>= 1.4)
    sqlite3 (1.3.3)

PLATFORMS
  ruby

DEPENDENCIES
  rails (= 2.3.11)
  recurly
  sqlite3
